GIT
  remote: https://github.com/byronsanchez/jekyll.git
  revision: 93a551aced7c159719b057c560f498001ea1d597
  tag: v1.3.1-nosafe
  specs:
    jekyll (1.3.1)
      classifier (~> 1.3)
      colorator (~> 0.1)
      commander (~> 4.1.3)
      liquid (~> 2.5.2)
      listen (~> 1.3)
      maruku (~> 0.6.0)
      pygments.rb (~> 0.5.0)
      redcarpet (~> 2.3.0)
      safe_yaml (~> 0.9.7)

GIT
  remote: https://github.com/byronsanchez/redcarpet-footnotes.git
  revision: 5d39cc7cfa3842f32598a3af7a82dbb6d98567b0
  tag: v2.3.0-footnotes
  specs:
    redcarpet (2.3.0)

GEM
  remote: https://rubygems.org/
  specs:
    albino (1.3.3)
      posix-spawn (>= 0.3.6)
    capistrano (3.0.1)
      i18n
      rake (>= 10.0.0)
      sshkit (>= 0.0.23)
    capistrano-bundler (1.1.0)
      capistrano (~> 3.0)
      sshkit (>= 1.2.0)
    chunky_png (1.2.9)
    classifier (1.3.3)
      fast-stemmer (>= 1.0.0)
    colorator (0.1)
    commander (4.1.5)
      highline (~> 1.6.11)
    compass (0.12.2)
      chunky_png (~> 1.2)
      fssm (>= 0.2.7)
      sass (~> 3.1)
    fast-stemmer (1.0.2)
    ffi (1.9.3)
    fssm (0.2.10)
    highline (1.6.20)
    i18n (0.6.5)
    liquid (2.5.4)
    listen (1.3.1)
      rb-fsevent (>= 0.9.3)
      rb-inotify (>= 0.9)
      rb-kqueue (>= 0.2)
    maruku (0.6.1)
      syntax (>= 1.0.0)
    net-scp (1.1.2)
      net-ssh (>= 2.6.5)
    net-ssh (2.7.0)
    posix-spawn (0.3.6)
    pygments.rb (0.5.4)
      posix-spawn (~> 0.3.6)
      yajl-ruby (~> 1.1.0)
    rake (10.1.0)
    rb-fsevent (0.9.3)
    rb-inotify (0.9.2)
      ffi (>= 0.5.0)
    rb-kqueue (0.2.0)
      ffi (>= 0.5.0)
    safe_yaml (0.9.7)
    sass (3.2.12)
    sqlite3 (1.3.8)
    sshkit (1.2.0)
      net-scp (>= 1.1.2)
      net-ssh
      term-ansicolor
    syntax (1.0.0)
    term-ansicolor (1.2.2)
      tins (~> 0.8)
    tins (0.13.1)
    yajl-ruby (1.1.0)

PLATFORMS
  ruby

DEPENDENCIES
  albino (~> 1.3.3)
  capistrano (~> 3.0.1)
  capistrano-bundler (~> 1.1.0)
  compass (~> 0.12.2)
  jekyll (~> 1.3.1)!
  posix-spawn (~> 0.3.6)
  pygments.rb (~> 0.5.4)
  rake (~> 10.1.0)
  redcarpet (~> 2.3.0)!
  safe_yaml (~> 0.9.7)
  sass (~> 3.2.12)
  sqlite3 (~> 1.3.8)
  yajl-ruby (~> 1.1.0)
